GEM
  remote: https://rubygems.org/
  specs:
    rake (12.3.3)
    rdoc (4.1.0)

PLATFORMS
  ruby

DEPENDENCIES
  rake
  rdoc
