GEM
  remote: https://rubygems.org/
  specs:
    rake (13.0.3)
    rdoc (4.1.0)

PLATFORMS
  ruby

DEPENDENCIES
  rake
  rdoc
