GEM
  remote: https://rubygems.org/
  specs:
    psych (5.0.0)
      stringio
    rake (10.1.0)
    rdoc (6.5.0)
      psych (>= 4.0.0)
    stringio (3.0.2)

PLATFORMS
  ruby

DEPENDENCIES
  rake
  rdoc
