GEM
  remote: https://rubygems.org/
  specs:
    psych (5.1.1.1)
      stringio
    rake (10.1.0)
    rdoc (6.6.1)
      psych (>= 4.0.0)
    stringio (3.1.0)

PLATFORMS
  ruby

DEPENDENCIES
  rake
  rdoc
