GEM
  remote: https://rubygems.org/
  specs:
    psych (5.2.0)
      stringio
    rake (10.1.0)
    rdoc (6.8.1)
      psych (>= 4.0.0)
    stringio (3.1.2)

PLATFORMS
  ruby

DEPENDENCIES
  rake
  rdoc
